GIT
  remote: git://github.com/evercam/evercam-models.git
  revision: adeb8e52d808247d9a9088a0f415b94dac0766ad
  specs:
    evercam_models (0.3.38)
      activesupport (~> 4.2)
      bcrypt (~> 3.1)
      dotenv (~> 2.0)
      evercam_misc (~> 0.0.11)
      geocoder (~> 1.2)
      georuby (~> 2.3)
      hashie (~> 3.4)
      nokogiri (~> 1.6)
      pg (~> 0.18.2)
      sequel (= 4.26.0)
      timezone (~> 0.3)
      typhoeus (~> 0.7.1)

GIT
  remote: git://github.com/evercam/faraday-digestauth.git
  revision: 15c79778043d45f931ab947964161f0e78a0a122
  specs:
    faraday-digestauth (0.1.1)
      faraday (>= 0.7)
      net-http-digest_auth (~> 1.4)

GIT
  remote: git://github.com/rails/activesupport-json_encoder.git
  revision: f02fb52c02609b3157e9288e1502dc6a4fe3b1fd
  specs:
    activesupport-json_encoder (1.1.0)
      activesupport (>= 4.1.0, < 5.0)

GIT
  remote: git://github.com/tobmatth/rack-ssl-enforcer.git
  revision: 4e5bdac7af35e1e91f3b62d373b2105236301043
  specs:
    rack-ssl-enforcer (0.2.8)

GEM
  remote: https://rubygems.org/
  specs:
    activesupport (4.2.5)
      i18n (~> 0.7)
      json (~> 1.7, >= 1.7.7)
      minitest (~> 5.1)
      thread_safe (~> 0.3, >= 0.3.4)
      tzinfo (~> 1.1)
    addressable (2.3.8)
    airbrake (4.3.1)
      builder
      multi_json
    aws-sdk (1.59.0)
      aws-sdk-v1 (= 1.59.0)
    aws-sdk-v1 (1.59.0)
      json (~> 1.4)
      nokogiri (>= 1.4.4)
    axiom-types (0.1.1)
      descendants_tracker (~> 0.0.4)
      ice_nine (~> 0.11.0)
      thread_safe (~> 0.3, >= 0.3.1)
    backports (3.6.6)
    bcrypt (3.1.10)
    binding_of_caller (0.7.2)
      debug_inspector (>= 0.0.1)
    builder (3.2.2)
    byebug (5.0.0)
      columnize (= 0.9.0)
    celluloid (0.17.2)
      celluloid-essentials
      celluloid-extras
      celluloid-fsm
      celluloid-pool
      celluloid-supervision
      timers (>= 4.1.1)
    celluloid-essentials (0.20.5)
      timers (>= 4.1.1)
    celluloid-extras (0.20.5)
      timers (>= 4.1.1)
    celluloid-fsm (0.20.5)
      timers (>= 4.1.1)
    celluloid-pool (0.20.5)
      timers (>= 4.1.1)
    celluloid-supervision (0.20.5)
      timers (>= 4.1.1)
    coderay (1.1.0)
    coercible (1.0.0)
      descendants_tracker (~> 0.0.1)
    columnize (0.9.0)
    configurative (0.1.0)
      mime-types (~> 2.6)
    connection_pool (2.2.0)
    cookiejar (0.3.2)
    crack (0.4.2)
      safe_yaml (~> 1.0.0)
    curb (0.8.8)
    dalli (2.7.4)
    database_cleaner (1.5.0)
    debug_inspector (0.0.2)
    descendants_tracker (0.0.4)
      thread_safe (~> 0.3, >= 0.3.1)
    diff-lcs (1.2.5)
    docile (1.1.5)
    dotenv (2.0.2)
    em-http-request (1.1.2)
      addressable (>= 2.3.4)
      cookiejar
      em-socksify (>= 0.3)
      eventmachine (>= 1.0.3)
      http_parser.rb (>= 0.6.0)
    em-socksify (0.3.0)
      eventmachine (>= 1.0.0.beta.4)
    equalizer (0.0.11)
    ethon (0.8.0)
      ffi (>= 1.3.0)
    eventmachine (1.0.7)
    evercam_misc (0.0.11)
      dotenv (~> 2.0)
    factory_girl (4.5.0)
      activesupport (>= 3.0.0)
    fakes3 (0.2.1)
      builder
      thor
    faraday (0.9.0)
      multipart-post (>= 1.2, < 3)
    ffi (1.9.10)
    formatador (0.2.5)
    geocoder (1.2.12)
    georuby (2.5.2)
    grape (0.13.0)
      activesupport
      builder
      hashie (>= 2.1.0)
      multi_json (>= 1.3.2)
      multi_xml (>= 0.5.2)
      rack (>= 1.3.0)
      rack-accept
      rack-mount
      virtus (>= 1.0.0)
    grape-entity (0.4.8)
      activesupport
      multi_json (>= 1.3.2)
    grape-swagger (0.10.2)
      grape (>= 0.8.0)
      grape-entity
    guard (2.13.0)
      formatador (>= 0.2.4)
      listen (>= 2.7, <= 4.0)
      lumberjack (~> 1.0)
      nenv (~> 0.1)
      notiffany (~> 0.0)
      pry (>= 0.9.12)
      shellany (~> 0.0)
      thor (>= 0.18.1)
    guard-compat (1.2.1)
    guard-rack (2.1.1)
      ffi
      guard (~> 2.3)
      spoon
    guard-rspec (4.6.4)
      guard (~> 2.1)
      guard-compat (~> 1.1)
      rspec (>= 2.99.0, < 4.0)
    hashie (3.4.3)
    hitimes (1.2.3)
    http_parser.rb (0.6.0)
    httpclient (2.6.0.1)
    i18n (0.7.0)
    ice_nine (0.11.1)
    interception (0.5)
    intercom (3.1.0)
      json (~> 1.8)
    json (1.8.3)
    kgio (2.10.0)
    listen (3.0.3)
      rb-fsevent (>= 0.9.3)
      rb-inotify (>= 0.9)
    logjam (1.2.2)
      configurative (~> 0.1)
      json (~> 1.8)
    lumberjack (1.0.9)
    mail (2.6.3)
      mime-types (>= 1.16, < 3)
    metaclass (0.0.4)
    method_source (0.8.2)
    mime-types (2.6.1)
    mini_magick (4.3.3)
    mini_portile (0.6.2)
    minitest (5.8.3)
    mocha (1.1.0)
      metaclass (~> 0.0.1)
    multi_json (1.11.2)
    multi_xml (0.5.5)
    multipart-post (2.0.0)
    mutations (0.7.2)
      activesupport
    nenv (0.2.0)
    net-http-digest_auth (1.4)
    newrelic-grape (2.0.0)
      grape
      newrelic_rpm
    newrelic_rpm (3.13.0.299)
    nokogiri (1.6.6.4)
      mini_portile (~> 0.6.0)
    notiffany (0.0.7)
      nenv (~> 0.1)
      shellany (~> 0.0)
    pg (0.18.4)
    pony (1.11)
      mail (>= 2.0)
    pry (0.10.1)
      coderay (~> 1.1.0)
      method_source (~> 0.8.1)
      slop (~> 3.4)
    pry-byebug (3.2.0)
      byebug (~> 5.0)
      pry (~> 0.10)
    pry-rescue (1.4.2)
      interception (>= 0.5)
      pry
    pry-stack_explorer (0.4.9.2)
      binding_of_caller (>= 0.7)
      pry (>= 0.9.11)
    puma (2.13.4)
    pusher (0.14.5)
      httpclient (~> 2.5)
      multi_json (~> 1.0)
      signature (~> 0.1.8)
    rack (1.6.4)
    rack-accept (0.4.5)
      rack (>= 0.4)
    rack-cors (0.4.0)
    rack-mount (0.8.3)
      rack (>= 1.0.0)
    rack-protection (1.5.3)
      rack
    rack-rewrite (1.5.1)
    rack-test (0.6.3)
      rack (>= 1.0)
    rack-timeout (0.3.2)
    racksh (1.0.0)
      rack (>= 1.0)
      rack-test (>= 0.5)
    rake (10.4.2)
    rb-fsevent (0.9.6)
    rb-inotify (0.9.5)
      ffi (>= 0.5.0)
    redis (3.2.1)
    redis-namespace (1.5.2)
      redis (~> 3.0, >= 3.0.4)
    rspec (3.3.0)
      rspec-core (~> 3.3.0)
      rspec-expectations (~> 3.3.0)
      rspec-mocks (~> 3.3.0)
    rspec-core (3.3.2)
      rspec-support (~> 3.3.0)
    rspec-expectations (3.3.1)
      diff-lcs (>= 1.2.0, < 2.0)
      rspec-support (~> 3.3.0)
    rspec-mocks (3.3.2)
      diff-lcs (>= 1.2.0, < 2.0)
      rspec-support (~> 3.3.0)
    rspec-support (3.3.0)
    safe_yaml (1.0.4)
    sequel (4.26.0)
    shellany (0.0.1)
    sidekiq (3.5.3)
      celluloid (~> 0.17.2)
      connection_pool (~> 2.2, >= 2.2.0)
      json (~> 1.0)
      redis (~> 3.2, >= 3.2.1)
      redis-namespace (~> 1.5, >= 1.5.2)
    signature (0.1.8)
    simplecov (0.10.0)
      docile (~> 1.1.0)
      json (~> 1.8)
      simplecov-html (~> 0.10.0)
    simplecov-html (0.10.0)
    sinatra (1.4.6)
      rack (~> 1.4)
      rack-protection (~> 1.4)
      tilt (>= 1.3, < 3)
    sinatra-contrib (1.4.6)
      backports (>= 2.0)
      multi_json
      rack-protection
      rack-test
      sinatra (~> 1.4.0)
      tilt (>= 1.3, < 3)
    sinatra-flash (0.3.0)
      sinatra (>= 1.0.0)
    sinatra-partial (0.4.0)
      sinatra
    slop (3.6.0)
    smarter_csv (1.1.0)
    spoon (0.0.4)
      ffi
    stringex (2.5.2)
    thor (0.19.1)
    thread_safe (0.3.5)
    tilt (2.0.1)
    timers (4.1.1)
      hitimes
    timezone (0.5.0)
    typhoeus (0.7.3)
      ethon (>= 0.7.4)
    tzinfo (1.2.2)
      thread_safe (~> 0.1)
    virtus (1.0.5)
      axiom-types (~> 0.1)
      coercible (~> 1.0)
      descendants_tracker (~> 0.0, >= 0.0.3)
      equalizer (~> 0.0, >= 0.0.9)
    webmock (1.21.0)
      addressable (>= 2.3.6)
      crack (>= 0.3.2)

PLATFORMS
  ruby

DEPENDENCIES
  activesupport-json_encoder!
  airbrake
  aws-sdk
  curb
  dalli
  database_cleaner
  em-http-request
  evercam_misc (~> 0.0.11)
  evercam_models!
  factory_girl
  fakes3
  faraday-digestauth (~> 0.1.0)!
  georuby
  grape
  grape-entity
  grape-swagger (= 0.10.2)
  guard-rack
  guard-rspec
  intercom
  json
  kgio
  logjam
  mini_magick
  minitest
  mocha
  mutations
  newrelic-grape
  newrelic_rpm
  nokogiri
  pony
  pry-byebug
  pry-rescue
  pry-stack_explorer
  puma
  pusher
  rack
  rack-cors
  rack-rewrite
  rack-ssl-enforcer!
  rack-test
  rack-timeout
  racksh
  rake
  rspec (= 3.3.0)
  sidekiq
  simplecov
  sinatra
  sinatra-contrib
  sinatra-flash
  sinatra-partial
  smarter_csv
  stringex
  webmock (~> 1.21.0)

BUNDLED WITH
   1.10.6
